GEM
  remote: https://rubygems.org/
  specs:
    benchmark-ips (2.10.0)
    rake (13.0.6)

PLATFORMS
  x86_64-darwin-20

DEPENDENCIES
  benchmark-ips
  rake

BUNDLED WITH
   2.3.19
